GEM
  remote: https://rubygems.org/
  specs:
    childprocess (4.1.0)
    mini_portile2 (2.6.1)
    nokogiri (1.12.4)
      mini_portile2 (~> 2.6.1)
      racc (~> 1.4)
    racc (1.5.2)
    rexml (3.2.5)
    rubyzip (2.3.2)
    selenium-webdriver (4.0.0.rc1)
      childprocess (>= 0.5, < 5.0)
      rexml (~> 3.2)
      rubyzip (>= 1.2.2)
    webdrivers (4.6.1)
      nokogiri (~> 1.6)
      rubyzip (>= 1.3.0)
      selenium-webdriver (>= 3.0, < 4.0)

PLATFORMS
  ruby

DEPENDENCIES
  selenium-webdriver (= 4.0.0.rc1)
  webdrivers (~> 4.0)

BUNDLED WITH
   2.1.4
